PATH
  remote: .
  specs:
    acts_as_table (0.0.3)
      activerecord (>= 4.2, < 6.1)

GEM
  remote: https://rubygems.org/
  specs:
    activemodel (6.0.3.7)
      activesupport (= 6.0.3.7)
    activerecord (6.0.3.7)
      activemodel (= 6.0.3.7)
      activesupport (= 6.0.3.7)
    activesupport (6.0.3.7)
      concurrent-ruby (~> 1.0, >= 1.0.2)
      i18n (>= 0.7, < 2)
      minitest (~> 5.1)
      tzinfo (~> 1.1)
      zeitwerk (~> 2.2, >= 2.2.2)
    concurrent-ruby (1.1.9)
    i18n (1.8.10)
      concurrent-ruby (~> 1.0)
    minitest (5.14.4)
    rake (13.0.1)
    redcarpet (3.5.0)
    thread_safe (0.3.6)
    tzinfo (1.2.9)
      thread_safe (~> 0.1)
    yard (0.9.25)
    yard-activerecord (0.0.16)
      yard (>= 0.8.3)
    yard-activesupport-concern (0.0.1)
      yard (>= 0.8)
    yard-rails (0.3.0)
      yard
    zeitwerk (2.4.2)

PLATFORMS
  ruby

DEPENDENCIES
  acts_as_table!
  rake
  redcarpet
  yard
  yard-activerecord
  yard-activesupport-concern
  yard-rails

BUNDLED WITH
   1.17.3
